GEM
  remote: https://rubygems.org/
  specs:
    dotenv (3.1.4)
    logger (1.6.1)
    parallel (1.26.3)
    pg (1.5.9)

PLATFORMS
  ruby

DEPENDENCIES
  dotenv
  logger
  parallel
  pg
