GEM
  remote: https://rubygems.org/
  specs:
    dotenv (3.1.4)
    parallel (1.26.3)
    pg (1.5.8)

PLATFORMS
  ruby
  x86_64-linux

DEPENDENCIES
  dotenv
  parallel
  pg

BUNDLED WITH
   2.5.16
