GEM
  remote: https://rubygems.org/
  specs:
    dotenv (3.1.2)
    pg (1.5.6)

PLATFORMS
  ruby
  x86_64-linux

DEPENDENCIES
  dotenv
  pg

BUNDLED WITH
   2.5.3
